PATH
  remote: .
  specs:
    ruby_snowflake_client (0.2.4-x86_64-darwin-18)
      ffi

GEM
  remote: https://rubygems.org/
  specs:
    ffi (1.11.3)
    rake (13.0.1)

PLATFORMS
  ruby

DEPENDENCIES
  bundler
  rake
  ruby_snowflake_client!

BUNDLED WITH
   1.17.3
